GEM
  specs:
    pg (0.15.1)
    sqlite3 (1.3.7)

PLATFORMS
  ruby

DEPENDENCIES
  pg
  sqlite3
